GEM
  remote: https://rubygems.org/
  specs:
    haml (4.0.4)
      tilt
    kramdown (1.3.0)
    rake (10.1.1)
    tilt (2.0.0)

PLATFORMS
  ruby

DEPENDENCIES
  haml
  kramdown
  rake
